GIT
  remote: git://github.com/max-power/passbook.git
  revision: 39891eb39f1b26bcb399633e76e390c4be07b33e
  specs:
    power-passbook (0.0.1)
      rubyzip (~> 1.1)

GEM
  remote: https://rubygems.org/
  specs:
    daemons (1.1.9)
    dotenv (0.10.0)
    eventmachine (1.0.3)
    rack (1.5.2)
    rack-protection (1.5.2)
      rack
    rack-ssl (1.3.3)
      rack
    rubyzip (1.1.0)
    sinatra (1.4.4)
      rack (~> 1.4)
      rack-protection (~> 1.4)
      tilt (~> 1.3, >= 1.3.4)
    thin (1.6.1)
      daemons (>= 1.0.9)
      eventmachine (>= 1.0.0)
      rack (>= 1.0.0)
    tilt (1.4.1)

PLATFORMS
  ruby

DEPENDENCIES
  dotenv
  power-passbook!
  rack-ssl
  sinatra
  thin
