GEM
  remote: https://rubygems.org/
  specs:
    daemons (1.1.9)
    dotenv (0.10.0)
    eventmachine (1.0.3)
    ping-pong (0.0.1)
    power-passbook (0.0.2)
      rubyzip (~> 1.1)
    rack (1.5.2)
    rack-protection (1.5.2)
      rack
    rack-ssl (1.3.3)
      rack
    rubyzip (1.1.0)
    sinatra (1.4.4)
      rack (~> 1.4)
      rack-protection (~> 1.4)
      tilt (~> 1.3, >= 1.3.4)
    thin (1.6.1)
      daemons (>= 1.0.9)
      eventmachine (>= 1.0.0)
      rack (>= 1.0.0)
    tilt (1.4.1)

PLATFORMS
  ruby

DEPENDENCIES
  dotenv
  ping-pong
  power-passbook
  rack-ssl
  sinatra
  thin
